PATH
  remote: .
  specs:
    ruby-band (0.1.13)
      activesupport (~> 4.1)
      atomic (~> 1.1)
      bio (~> 1.4)
      lock_jar (~> 0.10)
      ruport (~> 1.6)

GEM
  remote: https://rubygems.org/
  specs:
    activesupport (4.1.4)
      i18n (~> 0.6, >= 0.6.9)
      json (~> 1.7, >= 1.7.7)
      minitest (~> 5.1)
      thread_safe (~> 0.1)
      tzinfo (~> 1.1)
    atomic (1.1.16-java)
    bio (1.4.3.0001)
    builder (3.2.2)
    color (1.7.1)
    cucumber (1.3.15)
      builder (>= 2.1.2)
      diff-lcs (>= 1.1.3)
      gherkin (~> 2.12)
      multi_json (>= 1.7.5, < 2.0)
      multi_test (>= 0.1.1)
    diff-lcs (1.2.5)
    docile (1.1.5)
    fastercsv (1.5.5)
    gherkin (2.12.2-java)
      multi_json (~> 1.3)
    git (1.2.7)
    i18n (0.6.11)
    json (1.8.1-java)
    lock_jar (0.10.0)
      naether (~> 0.13.1)
      thor (>= 0.18.1)
    minitest (5.4.0)
    multi_json (1.10.1)
    multi_test (0.1.1)
    naether (0.13.7-java)
    pdf-writer (1.1.8)
      color (>= 1.4.0)
      transaction-simple (~> 1.3)
    rake (10.3.2)
    rdoc (4.1.1)
      json (~> 1.4)
    rspec (3.0.0)
      rspec-core (~> 3.0.0)
      rspec-expectations (~> 3.0.0)
      rspec-mocks (~> 3.0.0)
    rspec-core (3.0.2)
      rspec-support (~> 3.0.0)
    rspec-expectations (3.0.2)
      diff-lcs (>= 1.2.0, < 2.0)
      rspec-support (~> 3.0.0)
    rspec-mocks (3.0.2)
      rspec-support (~> 3.0.0)
    rspec-support (3.0.2)
    ruport (1.6.3)
      fastercsv
      pdf-writer (= 1.1.8)
    shoulda (3.5.0)
      shoulda-context (~> 1.0, >= 1.0.1)
      shoulda-matchers (>= 1.4.1, < 3.0)
    shoulda-context (1.2.1)
    shoulda-matchers (2.6.1)
      activesupport (>= 3.0.0)
    simplecov (0.9.1)
      docile (~> 1.1.0)
      multi_json (~> 1.0)
      simplecov-html (~> 0.8.0)
    simplecov-html (0.8.0)
    test-unit (2.5.5)
    thor (0.19.1)
    thread_safe (0.3.4-java)
    transaction-simple (1.4.0.2)
    tzinfo (1.2.1)
      thread_safe (~> 0.1)

PLATFORMS
  java
  ruby

DEPENDENCIES
  cucumber (~> 1.3)
  git (~> 1.2)
  rake (~> 10.3)
  rdoc (~> 4.1)
  rspec (~> 3.0)
  ruby-band!
  shoulda (~> 3.5)
  simplecov (~> 0.9)
  test-unit (~> 2.5)
